GEM
  remote: https://rubygems.org/
  specs:
    minitest (5.8.2)

PLATFORMS
  ruby

DEPENDENCIES
  minitest

BUNDLED WITH
   1.10.6
